PATH
  remote: ..
  specs:
    pry-moves (0.1.9)
      binding_of_caller (~> 0.7)
      pry (>= 0.10.4, < 0.12.0)

GEM
  remote: https://rubygems.org/
  specs:
    binding_of_caller (0.8.0)
      debug_inspector (>= 0.0.1)
    coderay (1.1.1)
    debug_inspector (0.0.3)
    method_source (0.8.2)
    pry (0.10.4)
      coderay (~> 1.1.0)
      method_source (~> 0.8.1)
      slop (~> 3.4)
    slop (3.6.0)

PLATFORMS
  ruby

DEPENDENCIES
  pry-moves!

BUNDLED WITH
   1.17.0
